PATH
  remote: .
  specs:
    reader (0.2.0)

GEM
  remote: https://rubygems.org/
  specs:
    rake (13.0.6)

PLATFORMS
  arm64-darwin-20

DEPENDENCIES
  rake (~> 13.0)
  reader!

BUNDLED WITH
   2.4.21
